PATH
  remote: .
  specs:
    purbon_playground (0.0.1-java)

GEM
  remote: https://rubygems.org/
  specs:
    clamp (0.6.3)
    dependant_playground (0.0.1-java)

PLATFORMS
  java

DEPENDENCIES
  clamp
  dependant_playground
  purbon_playground!
